PATH
  remote: /home/jmagen/foreman_api_v3
  specs:
    foreman_api_v3 (0.0.1)
      active_model_serializers (~> 0.9)

PATH
  remote: /home/jmagen/staypuft
  specs:
    staypuft (0.4.5)
      deface
      dynflow (~> 0.7.0)
      foreman-tasks (~> 0.6.4)
      foreman_discovery (~> 1.4.0.rc1)
      ipaddress
      wicked

GEM
  remote: https://rubygems.org/
  specs:
    CFPropertyList (2.2.8)
    actionmailer (3.2.18)
      actionpack (= 3.2.18)
      mail (~> 2.5.4)
    actionpack (3.2.18)
      activemodel (= 3.2.18)
      activesupport (= 3.2.18)
      builder (~> 3.0.0)
      erubis (~> 2.7.0)
      journey (~> 1.0.4)
      rack (~> 1.4.5)
      rack-cache (~> 1.2)
      rack-test (~> 0.6.1)
      sprockets (~> 2.2.1)
    active_model_serializers (0.9.0)
      activemodel (>= 3.2)
    activemodel (3.2.18)
      activesupport (= 3.2.18)
      builder (~> 3.0.0)
    activerecord (3.2.18)
      activemodel (= 3.2.18)
      activesupport (= 3.2.18)
      arel (~> 3.0.2)
      tzinfo (~> 0.3.29)
    activeresource (3.2.18)
      activemodel (= 3.2.18)
      activesupport (= 3.2.18)
    activesupport (3.2.18)
      i18n (~> 0.6, >= 0.6.4)
      multi_json (~> 1.0)
    addressable (2.3.6)
    algebrick (0.4.0)
    ancestry (2.0.0)
      activerecord (>= 3.0.0)
    apipie-params (0.0.3)
      activesupport
      rake
    apipie-rails (0.2.6)
      json
    arel (3.0.3)
    ast (2.0.0)
    astrolabe (1.3.0)
      parser (>= 2.2.0.pre.3, < 3.0)
    audited (3.0.0)
    audited-activerecord (3.0.0)
      activerecord (~> 3.0)
      audited (= 3.0.0)
    autoparse (0.3.3)
      addressable (>= 2.3.1)
      extlib (>= 0.9.15)
      multi_json (>= 1.0.0)
    awesome_print (1.2.0)
    bootstrap-sass (3.0.3.0)
      sass (~> 3.2)
    builder (3.0.4)
    bumbler (0.3.1)
    capybara (2.0.3)
      mime-types (>= 1.16)
      nokogiri (>= 1.3.3)
      rack (>= 1.0.0)
      rack-test (>= 0.5.4)
      selenium-webdriver (~> 2.0)
      xpath (~> 1.0.0)
    childprocess (0.5.3)
      ffi (~> 1.0, >= 1.0.11)
    ci_reporter (1.9.2)
      builder (>= 2.1.2)
    coderay (1.1.0)
    colorize (0.7.3)
    columnize (0.8.9)
    daemons (1.1.9)
    database_cleaner (0.9.1)
    debugger (1.6.8)
      columnize (>= 0.3.1)
      debugger-linecache (~> 1.2.0)
      debugger-ruby_core_source (~> 1.3.5)
    debugger-linecache (1.2.0)
    debugger-ruby_core_source (1.3.5)
    deep_cloneable (2.0.0)
      activerecord (>= 3.1.0, < 5.0.0)
    deface (1.0.1)
      colorize (>= 0.5.8)
      nokogiri (~> 1.6.0)
      polyglot
      rails (>= 3.1)
    docile (1.1.3)
    dynflow (0.7.5)
      activesupport
      algebrick (~> 0.4.0)
      apipie-params
      multi_json
      uuidtools
    erubis (2.7.0)
    eventmachine (1.0.3)
    excon (0.39.6)
    execjs (2.0.2)
    extlib (0.9.16)
    facter (2.0.1)
      CFPropertyList (~> 2.2.6)
    factory_girl (2.6.4)
      activesupport (>= 2.3.9)
    factory_girl_rails (1.7.0)
      factory_girl (~> 2.6.0)
      railties (>= 3.0.0)
    faraday (0.9.0)
      multipart-post (>= 1.2, < 3)
    fast_gettext (0.8.1)
    ffi (1.9.3)
    flot-rails (0.0.3)
      jquery-rails
    fog (1.23.0)
      fog-brightbox
      fog-core (~> 1.23)
      fog-json
      fog-softlayer
      ipaddress (~> 0.5)
      nokogiri (~> 1.5, >= 1.5.11)
    fog-brightbox (0.5.1)
      fog-core (~> 1.22)
      fog-json
      inflecto
    fog-core (1.23.0)
      builder
      excon (~> 0.38)
      formatador (~> 0.2)
      mime-types
      net-scp (~> 1.1)
      net-ssh (>= 2.1.3)
    fog-json (1.0.0)
      multi_json (~> 1.0)
    fog-softlayer (0.3.17)
      fog-core
      fog-json
    foreigner (1.4.2)
      activerecord (>= 3.0.0)
    foreman-tasks (0.6.10)
      daemons
      dynflow (>= 0.7.2)
      rails (~> 3.2.0)
      sequel
      sinatra
      uuidtools
    foreman_discovery (1.4.0.rc4)
      ftools
      open4
    formatador (0.2.5)
    friendly_id (4.0.10.1)
      activerecord (>= 3.0, < 4.0)
    ftools (0.0.0)
    gettext (2.3.9)
      locale
      text
    gettext_i18n_rails (0.10.1)
      fast_gettext (>= 0.4.8)
    gettext_i18n_rails_js (0.0.8)
      gettext_i18n_rails (>= 0.7.1)
      po_to_json (>= 0.0.7)
      rails (~> 3.2.0)
    google-api-client (0.7.1)
      addressable (>= 2.3.2)
      autoparse (>= 0.3.3)
      extlib (>= 0.9.15)
      faraday (>= 0.9.0)
      jwt (>= 0.1.5)
      launchy (>= 2.1.1)
      multi_json (>= 1.0.0)
      retriable (>= 1.4)
      signet (>= 0.5.0)
      uuidtools (>= 2.1.0)
    gridster-rails (0.1.5)
      railties (~> 3.1)
    hike (1.2.3)
    hirb (0.7.2)
    hirb-unicode (0.0.5)
      hirb (~> 0.5)
      unicode-display_width (~> 0.1.1)
    i18n (0.6.11)
    i18n_data (0.4.1)
    immigrant (0.1.8)
      activerecord (>= 3.0)
      foreigner (>= 1.2.1)
    inflecto (0.0.2)
    ipaddress (0.8.0)
    journey (1.0.4)
    jquery-rails (2.0.3)
      railties (>= 3.1.0, < 5.0)
      thor (~> 0.14)
    jquery-ui-rails (4.2.1)
      railties (>= 3.2.16)
    jquery_pwstrength_bootstrap (1.2.2)
      railties (~> 3.1)
    json (1.8.1)
    jwt (1.0.0)
    launchy (2.4.2)
      addressable (~> 2.3)
    ldap_fluff (0.3.1)
      activesupport
      net-ldap (>= 0.3.1)
    libv8 (3.11.8.17)
    locale (2.0.9)
    mail (2.5.4)
      mime-types (~> 1.16)
      treetop (~> 1.4.8)
    maruku (0.7.2)
    metaclass (0.0.4)
    method_source (0.8.2)
    mime-types (1.25.1)
    mini_portile (0.6.0)
    minitest (4.7.5)
    minitest-spec-rails (4.7.7)
      minitest (~> 4.7)
      rails (>= 3.0, < 4.1)
    minitest-spec-rails-tu-shim (1.9.3.4)
    mocha (1.1.0)
      metaclass (~> 0.0.1)
    multi-select-rails (0.9.11)
      railties (>= 3.0)
    multi_json (1.10.1)
    multipart-post (2.0.0)
    mysql2 (0.3.16)
    net-ldap (0.6.1)
    net-scp (1.2.1)
      net-ssh (>= 2.6.5)
    net-ssh (2.9.1)
    nokogiri (1.6.3.1)
      mini_portile (= 0.6.0)
    oauth (0.4.7)
    oj (2.9.4)
    open4 (1.3.4)
    paint (0.8.7)
    parser (2.2.0.pre.5)
      ast (>= 1.1, < 3.0)
      slop (~> 3.4, >= 3.4.5)
    pg (0.17.1)
    po_to_json (0.0.7)
      json
    polyglot (0.3.5)
    powerpack (0.0.9)
    pry (0.9.12.6)
      coderay (~> 1.0)
      method_source (~> 0.8)
      slop (~> 3.4)
    puma (2.8.2)
      rack (>= 1.1, < 2.0)
    quiet_assets (1.0.2)
      railties (>= 3.1, < 5.0)
    rabl (0.9.0)
      activesupport (>= 2.3.14)
    rack (1.4.5)
    rack-cache (1.2)
      rack (>= 0.4)
    rack-cors (0.2.9)
    rack-openid (1.4.2)
      rack (>= 1.1.0)
      ruby-openid (>= 2.1.8)
    rack-protection (1.5.3)
      rack
    rack-ssl (1.3.4)
      rack
    rack-test (0.6.2)
      rack (>= 1.0)
    rails (3.2.18)
      actionmailer (= 3.2.18)
      actionpack (= 3.2.18)
      activerecord (= 3.2.18)
      activeresource (= 3.2.18)
      activesupport (= 3.2.18)
      bundler (~> 1.0)
      railties (= 3.2.18)
    railties (3.2.18)
      actionpack (= 3.2.18)
      activesupport (= 3.2.18)
      rack-ssl (~> 1.3.2)
      rake (>= 0.8.7)
      rdoc (~> 3.4)
      thor (>= 0.14.6, < 2.0)
    rainbow (2.0.0)
    rake (10.3.2)
    rbovirt (0.0.26)
      nokogiri
      rest-client
    rbvmomi (1.6.0)
      builder
      nokogiri (>= 1.4.1)
      trollop
    rdoc (3.12.2)
      json (~> 1.4)
    ref (1.0.5)
    rest-client (1.6.7)
      mime-types (>= 1.16)
    retriable (1.4.1)
    rubocop (0.26.1)
      astrolabe (~> 1.3)
      parser (>= 2.2.0.pre.4, < 3.0)
      powerpack (~> 0.0.6)
      rainbow (>= 1.99.1, < 3.0)
      ruby-progressbar (~> 1.4)
    rubocop-checkstyle_formatter (0.1.1)
      rubocop (>= 0.14.0)
    ruby-libvirt (0.5.2)
    ruby-openid (2.5.0)
    ruby-progressbar (1.6.0)
    ruby2ruby (2.0.1)
      ruby_parser (~> 3.0.0)
      sexp_processor (~> 4.0)
    ruby_parser (3.0.4)
      sexp_processor (~> 4.1)
    rubyzip (0.9.9)
    safemode (1.2.1)
      ruby2ruby (>= 2.0.1)
      ruby_parser (>= 3.0.1)
      sexp_processor (>= 4.1.2)
    sass (3.3.8)
    sass-rails (3.2.6)
      railties (~> 3.2.0)
      sass (>= 3.1.10)
      tilt (~> 1.3)
    scoped_search (2.7.1)
      activerecord (>= 2.1.0)
    secure_headers (1.3.3)
    selenium-webdriver (2.35.1)
      childprocess (>= 0.2.5)
      multi_json (~> 1.0)
      rubyzip (< 1.0.0)
      websocket (~> 1.0.4)
    sequel (4.15.0)
    sexp_processor (4.4.3)
    signet (0.5.0)
      addressable (>= 2.2.3)
      faraday (>= 0.9.0.rc5)
      jwt (>= 0.1.5)
      multi_json (>= 1.0.0)
    simplecov (0.8.2)
      docile (~> 1.1.0)
      multi_json
      simplecov-html (~> 0.8.0)
    simplecov-html (0.8.0)
    sinatra (1.4.5)
      rack (~> 1.4)
      rack-protection (~> 1.4)
      tilt (~> 1.3, >= 1.3.4)
    single_test (0.6.0)
      rake
    slop (3.6.0)
    spice-html5-rails (0.1.4)
      railties (~> 3.1)
    spork (0.9.2)
    spork-minitest (0.0.3)
      spork
    sprockets (2.2.2)
      hike (~> 1.2)
      multi_json (~> 1.0)
      rack (~> 1.0)
      tilt (~> 1.1, != 1.3.0)
    sqlite3 (1.3.9)
    sshkey (1.6.1)
    term-ansicolor (1.3.0)
      tins (~> 1.0)
    text (1.2.3)
    therubyracer (0.11.3)
      libv8 (~> 3.11.8.12)
      ref
    thin (1.6.2)
      daemons (>= 1.0.9)
      eventmachine (>= 1.0.0)
      rack (>= 1.0.0)
    thor (0.19.1)
    tilt (1.4.1)
    tins (1.3.0)
    treetop (1.4.15)
      polyglot
      polyglot (>= 0.3.1)
    trollop (2.0)
    tzinfo (0.3.41)
    uglifier (2.5.0)
      execjs (>= 0.3.0)
      json (>= 1.8.0)
    unf (0.1.4)
      unf_ext
    unf_ext (0.0.6)
    unicode-display_width (0.1.1)
    uuidtools (2.1.5)
    validates_lengths_from_database (0.2.0)
      activerecord (>= 2.3.2)
    websocket (1.0.7)
    wicked (1.1.0)
      rails (>= 3.0.7)
    will_paginate (3.0.5)
    wirb (1.0.3)
      paint (~> 0.8)
    xpath (1.0.0)
      nokogiri (~> 1.3)

PLATFORMS
  ruby

DEPENDENCIES
  ancestry (~> 2.0.0)
  apipie-rails (~> 0.2.5)
  audited-activerecord (= 3.0.0)
  awesome_print
  bootstrap-sass (~> 3.0.3.0)
  bumbler
  capybara (~> 2.0.0)
  ci_reporter (>= 1.6.3, < 2.0.0)
  database_cleaner (= 0.9.1)
  debugger
  deep_cloneable (~> 2.0)
  execjs (< 2.1.0)
  facter
  factory_girl_rails (~> 1.2)
  fast_gettext (>= 0.8.0)
  flot-rails (= 0.0.3)
  fog (~> 1.23.0)
  fog-core (~> 1.23.0)
  foreigner (~> 1.4.2)
  foreman_api_v3!
  friendly_id (~> 4.0)
  gettext (~> 2.0)
  gettext_i18n_rails (~> 0.10)
  gettext_i18n_rails_js (>= 0.0.8)
  google-api-client
  gridster-rails
  hirb-unicode
  i18n_data (>= 0.2.6)
  immigrant
  jquery-rails (= 2.0.3)
  jquery-ui-rails (< 5.0.0)
  jquery_pwstrength_bootstrap
  json
  launchy
  ldap_fluff (>= 0.3.0, < 1.0.0)
  locale (<= 2.0.9)
  maruku
  minitest (~> 4.7)
  minitest-spec-rails
  minitest-spec-rails-tu-shim
  mocha
  multi-select-rails (~> 0.9.10)
  mysql2 (> 0.3.0)
  net-ldap
  oauth
  oj
  pg
  pry
  puma
  quiet_assets
  rabl (>= 0.7.5, <= 0.9.0)
  rack-cors
  rack-openid
  rails (= 3.2.18)
  rbovirt (>= 0.0.24)
  rbvmomi (~> 1.6.0)
  rest-client (> 1.6.2, < 1.7)
  rubocop (= 0.26.1)
  rubocop-checkstyle_formatter
  ruby-libvirt
  ruby_parser (~> 3.0.0)
  rubyzip (~> 0.9)
  safemode (~> 1.2.1)
  sass-rails (~> 3.2.3)
  scoped_search (>= 2.7.0, < 3.0.0)
  secure_headers (~> 1.3.3)
  simplecov
  single_test
  spice-html5-rails
  spork
  spork-minitest
  sqlite3
  sshkey
  staypuft!
  term-ansicolor
  therubyracer (= 0.11.3)
  thin
  uglifier (>= 1.0.3)
  unf
  uuidtools
  validates_lengths_from_database (~> 0.2.0)
  will_paginate (~> 3.0.2)
  wirb
